GEM
  remote: http://rubygems.org/
  specs:
    RedCloth (4.2.9)
    addressable (2.2.6)
    em-websocket (0.3.6)
      addressable (>= 2.1.1)
      eventmachine (>= 0.12.9)
    eventmachine (0.12.10)
    ffi (1.0.11)
    guard (1.0.0)
      ffi (>= 0.5.0)
      thor (~> 0.14.6)
    guard-livereload (0.4.2)
      em-websocket (>= 0.2.0)
      guard (>= 0.10.0)
      multi_json (~> 1.0)
    haml (3.1.4)
    maruku (0.6.0)
      syntax (>= 1.0.0)
    multi_json (1.1.0)
    nesta (0.9.13)
      RedCloth (~> 4.2)
      haml (~> 3.1)
      rack (~> 1.1)
      rdiscount (~> 1.6)
      sass (~> 3.1)
      shotgun (>= 0.8)
      sinatra (~> 1.3)
    nesta-plugin-cache (0.0.1)
      nesta (~> 0.9.11)
      sinatra (~> 1.2)
    rack (1.4.1)
    rack-force_domain (0.1.1)
    rack-protection (1.2.0)
      rack
    rack-rewrite (1.2.1)
    rb-readline (0.4.2)
    rdiscount (1.6.8)
    sass (3.1.15)
    shotgun (0.9)
      rack (>= 1.0)
    sinatra (1.3.2)
      rack (~> 1.3, >= 1.3.6)
      rack-protection (~> 1.2)
      tilt (~> 1.3, >= 1.3.3)
    syntax (1.0.0)
    thor (0.14.6)
    tilt (1.3.3)

PLATFORMS
  ruby

DEPENDENCIES
  guard-livereload
  maruku
  nesta (= 0.9.13)
  nesta-plugin-cache
  rack-force_domain (= 0.1.1)
  rack-rewrite
  rb-readline
